PATH
  remote: .
  specs:
    autopilot (0.1.0)
      multi_json

GEM
  remote: https://rubygems.org/
  specs:
    addressable (2.8.4)
      public_suffix (>= 2.0.2, < 6.0)
    coderay (1.1.3)
    crack (0.4.5)
      rexml
    hashdiff (1.0.1)
    method_source (1.0.0)
    minitest (5.18.1)
    minitest-around (0.5.0)
      minitest (~> 5.0)
    multi_json (1.15.0)
    pry (0.14.2)
      coderay (~> 1.1)
      method_source (~> 1.0)
    public_suffix (5.0.1)
    rake (13.0.6)
    rexml (3.3.3)
      strscan
    strscan (3.1.0)
    vcr (6.2.0)
    webmock (3.18.1)
      addressable (>= 2.8.0)
      crack (>= 0.3.2)
      hashdiff (>= 0.4.0, < 2.0.0)

PLATFORMS
  ruby

DEPENDENCIES
  autopilot!
  bundler (~> 2.1)
  minitest (~> 5.0)
  minitest-around
  pry
  rake (~> 13.0)
  vcr
  webmock

BUNDLED WITH
   2.1.4
